GEM
  remote: https://rubygems.org/
  specs:
    addressable (2.3.3)
    builder (3.2.0)
    daemons (1.1.9)
    eventmachine (1.0.3)
    listen (0.7.3)
    rack (1.5.2)
    rack-canonical-host (0.0.8)
      addressable
      rack (~> 1.0)
    rack-protection (1.5.0)
      rack
    rack-test (0.6.2)
      rack (>= 1.0)
    rake (10.0.3)
    rb-fsevent (0.9.3)
    rerun (0.8.0)
      listen
    sinatra (1.3.5)
      rack (~> 1.4)
      rack-protection (~> 1.3)
      tilt (~> 1.3, >= 1.3.3)
    thin (1.5.0)
      daemons (>= 1.0.9)
      eventmachine (>= 0.12.6)
      rack (>= 1.0.0)
    tilt (1.3.5)

PLATFORMS
  ruby

DEPENDENCIES
  builder
  rack-canonical-host
  rack-test
  rake
  rb-fsevent (~> 0.9.1)
  rerun
  sinatra
  thin
